GEM
  remote: https://rubygems.org/
  specs:
    diff-lcs (1.2.5)
    rake (10.4.2)
    rspec (3.6.0.beta1)
      rspec-core (= 3.6.0.beta1)
      rspec-expectations (= 3.6.0.beta1)
      rspec-mocks (= 3.6.0.beta1)
    rspec-core (3.6.0.beta1)
      rspec-support (= 3.6.0.beta1)
    rspec-expectations (3.6.0.beta1)
      diff-lcs (>= 1.2.0, < 2.0)
      rspec-support (= 3.6.0.beta1)
    rspec-mocks (3.6.0.beta1)
      diff-lcs (>= 1.2.0, < 2.0)
      rspec-support (= 3.6.0.beta1)
    rspec-support (3.6.0.beta1)

PLATFORMS
  ruby

DEPENDENCIES
  rake
  rspec (~> 3.6.0.beta1)

BUNDLED WITH
   1.13.5
